GEM
  remote: http://rubygems.org/
  specs:
    configuration (1.2.0)
    heroku (1.16.2)
      json_pure (>= 1.2.0, < 1.5.0)
      launchy (~> 0.3.2)
      rest-client (>= 1.4.0, < 1.7.0)
    json (1.4.6)
    json_pure (1.4.6)
    launchy (0.3.7)
      configuration (>= 0.0.5)
      rake (>= 0.8.1)
    mime-types (1.16)
    oauth (0.4.4)
    rack (1.2.1)
    rake (0.8.7)
    rest-client (1.6.1)
      mime-types (>= 1.16)
    sinatra (1.1.2)
      rack (~> 1.1)
      tilt (~> 1.2)
    tilt (1.2.1)
    twitter_oauth (0.4.3)
      json (>= 1.1.9)
      mime-types (>= 1.16)
      oauth (>= 0.4.1)

PLATFORMS
  ruby

DEPENDENCIES
  bundler (= 1.0.3)
  configuration (= 1.2.0)
  heroku (= 1.16.2)
  json (= 1.4.6)
  json_pure (= 1.4.6)
  launchy (= 0.3.7)
  mime-types (= 1.16)
  oauth (= 0.4.4)
  rack (= 1.2.1)
  rake (= 0.8.7)
  rest-client (= 1.6.1)
  sinatra (= 1.1.2)
  tilt (= 1.2.1)
  twitter_oauth (= 0.4.3)
